PATH
  remote: .
  specs:
    chouette-ninoxe (0.0.3)
      activerecord
      composite_primary_keys

GEM
  remote: http://rubygems.org/
  specs:
    activemodel (3.0.7)
      activesupport (= 3.0.7)
      builder (~> 2.1.2)
      i18n (~> 0.5.0)
    activerecord (3.0.7)
      activemodel (= 3.0.7)
      activesupport (= 3.0.7)
      arel (~> 2.0.2)
      tzinfo (~> 0.3.23)
    activesupport (3.0.7)
    arel (2.0.9)
    builder (2.1.2)
    composite_primary_keys (3.1.6)
      activerecord (>= 3.0.5)
    database_cleaner (0.6.0)
    diff-lcs (1.1.2)
    i18n (0.5.0)
    pg (0.10.1)
    rspec (2.5.0)
      rspec-core (~> 2.5.0)
      rspec-expectations (~> 2.5.0)
      rspec-mocks (~> 2.5.0)
    rspec-core (2.5.1)
    rspec-expectations (2.5.0)
      diff-lcs (~> 1.1.2)
    rspec-mocks (2.5.0)
    tzinfo (0.3.26)

PLATFORMS
  ruby

DEPENDENCIES
  chouette-ninoxe!
  database_cleaner
  pg
  rspec
