PATH
  remote: .
  specs:
    chouette-ninoxe (0.0.8)
      GeoRuby
      activerecord (~> 3.1.3)
      composite_primary_keys
      geokit

GEM
  remote: http://rubygems.org/
  specs:
    GeoRuby (1.3.4)
    ZenTest (4.5.0)
    activemodel (3.1.4)
      activesupport (= 3.1.4)
      builder (~> 3.0.0)
      i18n (~> 0.6)
    activerecord (3.1.4)
      activemodel (= 3.1.4)
      activesupport (= 3.1.4)
      arel (~> 2.2.3)
      tzinfo (~> 0.3.29)
    activesupport (3.1.4)
      multi_json (~> 1.0)
    arel (2.2.3)
    autotest (4.4.6)
      ZenTest (>= 4.4.1)
    builder (3.0.0)
    composite_primary_keys (4.1.2)
      activerecord (~> 3.1)
    database_cleaner (0.6.7)
    diff-lcs (1.1.2)
    ffi (1.0.9)
    geokit (1.6.5)
      multi_json
    guard (0.5.1)
      thor (~> 0.14.6)
    guard-bundler (0.1.3)
      bundler (>= 1.0.0)
      guard (>= 0.2.2)
    guard-rspec (0.4.0)
      guard (>= 0.4.0)
    i18n (0.6.0)
    libnotify (0.5.7)
      ffi (= 1.0.9)
    multi_json (1.2.0)
    pg (0.11.0)
    rake (0.8.7)
    rb-inotify (0.8.6)
      ffi (>= 0.5.0)
    rspec (2.5.0)
      rspec-core (~> 2.5.0)
      rspec-expectations (~> 2.5.0)
      rspec-mocks (~> 2.5.0)
    rspec-core (2.5.1)
    rspec-expectations (2.5.0)
      diff-lcs (~> 1.1.2)
    rspec-mocks (2.5.0)
    sqlite3 (1.3.3)
    thor (0.14.6)
    tzinfo (0.3.32)

PLATFORMS
  ruby

DEPENDENCIES
  autotest
  chouette-ninoxe!
  database_cleaner
  guard
  guard-bundler
  guard-rspec
  libnotify
  pg
  rake (< 0.9)
  rb-inotify
  rspec
  sqlite3
